GEM
  remote: https://rubygems.org/
  specs:
    beefcake (0.4.0)

PLATFORMS
  ruby

DEPENDENCIES
  beefcake
